GEM
  remote: https://rubygems.org/
  specs:
    aws-s3 (0.6.3)
      builder
      mime-types
      xml-simple
    builder (3.2.2)
    cinch (2.0.10)
    mime-types (2.0)
    xml-simple (1.1.2)

PLATFORMS
  ruby

DEPENDENCIES
  aws-s3
  cinch
